PATH
  remote: .
  specs:
    optify (0.1.0)
      rb_sys (~> 0.9.39)

GEM
  remote: https://rubygems.org/
  specs:
    rake (13.2.1)
    rake-compiler (1.2.9)
      rake
    rake-compiler-dock (1.9.1)
    rb_sys (0.9.109)
      rake-compiler-dock (= 1.9.1)

PLATFORMS
  ruby

DEPENDENCIES
  optify!
  rake
  rake-compiler
  rb_sys

BUNDLED WITH
   1.17.2
